PATH
  remote: .
  specs:
    tool_tailor (0.1.1)
      yard (~> 0.9.36)

GEM
  remote: https://rubygems.org/
  specs:
    diff-lcs (1.5.1)
    rake (12.3.3)
    rspec (3.13.0)
      rspec-core (~> 3.13.0)
      rspec-expectations (~> 3.13.0)
      rspec-mocks (~> 3.13.0)
    rspec-core (3.13.0)
      rspec-support (~> 3.13.0)
    rspec-expectations (3.13.0)
      diff-lcs (>= 1.2.0, < 2.0)
      rspec-support (~> 3.13.0)
    rspec-mocks (3.13.1)
      diff-lcs (>= 1.2.0, < 2.0)
      rspec-support (~> 3.13.0)
    rspec-support (3.13.1)
    yard (0.9.36)

PLATFORMS
  x86_64-darwin-21

DEPENDENCIES
  rake (~> 12.0)
  rspec (~> 3.0)
  tool_tailor!

BUNDLED WITH
   2.3.17
